PATH
  remote: .
  specs:
    couch_tap (0.12.1)
      activesupport (~> 4.0)
      couchrest (~> 1.1.3)
      dogstatsd-ruby
      httpclient (~> 2.6)
      retryable
      sequel (>= 4.36.0)
      yajl-ruby

GEM
  remote: https://rubygems.org/
  specs:
    activesupport (4.2.10)
      i18n (~> 0.7)
      minitest (~> 5.1)
      thread_safe (~> 0.3, >= 0.3.4)
      tzinfo (~> 1.1)
    addressable (2.5.1)
      public_suffix (~> 2.0, >= 2.0.2)
    byebug (9.0.6)
    codeclimate-test-reporter (1.0.7)
      simplecov
    couchrest (1.1.3)
      mime-types (~> 1.15)
      multi_json (~> 1.0)
      rest-client (~> 1.6.1)
    crack (0.4.3)
      safe_yaml (~> 1.0.0)
    docile (1.1.5)
    dogstatsd-ruby (3.0.0)
    hashdiff (0.3.2)
    httpclient (2.8.3)
    i18n (0.8.6)
    json (2.1.0)
    little-plugger (1.1.4)
    logging (1.8.2)
      little-plugger (>= 1.1.3)
      multi_json (>= 1.8.4)
    logging-logstash (0.1.0)
      logging (~> 1.8.1)
      logstash-logger (~> 0.7.0)
    logstash-event (1.2.02)
    logstash-logger (0.7.0)
      logstash-event (~> 1.2)
      stud
    metaclass (0.0.1)
    mime-types (1.25.1)
    minitest (5.10.3)
    mocha (0.13.3)
      metaclass (~> 0.0.1)
    multi_json (1.12.2)
    power_assert (0.2.2)
    public_suffix (2.0.5)
    rake (10.4.2)
    rest-client (1.6.9)
      mime-types (~> 1.16)
    retryable (2.0.4)
    safe_yaml (1.0.4)
    sequel (5.1.0)
    simplecov (0.14.1)
      docile (~> 1.1.0)
      json (>= 1.8, < 3)
      simplecov-html (~> 0.10.0)
    simplecov-html (0.10.1)
    sqlite3 (1.3.11)
    stud (0.0.23)
    test-unit (3.0.8)
      power_assert
    thread_safe (0.3.6)
    timecop (0.8.1)
    tzinfo (1.2.3)
      thread_safe (~> 0.1)
    webmock (3.0.1)
      addressable (>= 2.3.6)
      crack (>= 0.3.2)
      hashdiff
    yajl-ruby (1.3.0)

PLATFORMS
  ruby

DEPENDENCIES
  byebug
  codeclimate-test-reporter (~> 1.0.0)
  couch_tap!
  logging
  logging-logstash
  mocha
  rake
  simplecov
  sqlite3
  test-unit
  timecop
  webmock

BUNDLED WITH
   1.16.0
